GEM
  remote: http://rubygems.org/
  specs:
    activesupport (2.3.11)
    bson (1.2.4)
    bson_ext (1.2.4)
    durran-validatable (2.0.1)
    json (1.4.6)
    mongo (1.2.4)
      bson (>= 1.2.4)
    mongoid (1.9.5)
      activesupport (< 3.0.0)
      bson (~> 1.2.1)
      durran-validatable (>= 2.0.1)
      mongo (~> 1.2.1)
      will_paginate (< 2.9)
    nokogiri (1.4.4)
    rack (1.2.1)
    redis (2.1.1)
    redis-namespace (0.10.0)
      redis (< 3.0.0)
    resque (1.13.0)
      json (~> 1.4.6)
      redis-namespace (>= 0.10.0)
      sinatra (>= 0.9.2)
      vegas (~> 0.1.2)
    sinatra (1.2.0)
      rack (~> 1.1)
      tilt (>= 1.2.2, < 2.0)
    tilt (1.2.2)
    vegas (0.1.8)
      rack (>= 1.0.0)
    will_paginate (2.3.15)
    yajl-ruby (0.8.1)

PLATFORMS
  ruby

DEPENDENCIES
  bson_ext
  mongoid
  nokogiri
  redis
  redis-namespace
  resque
  sinatra
  vegas
  yajl-ruby
